PATH
  remote: .
  specs:
    puppy (1.0.2)

GEM
  remote: https://rubygems.org/
  specs:
    rake (10.1.0)

PLATFORMS
  ruby

DEPENDENCIES
  puppy!
  rake
